GEM
  remote: https://rubygems.org/
  specs:
    rack (2.2.4)
    rake (13.0.6)

PLATFORMS
  x86_64-linux

DEPENDENCIES
  rack
  rake

BUNDLED WITH
   2.3.9
